PATH
  remote: .
  specs:
    fu-fu (0.1.0)

GEM
  remote: http://rubygems.org/
  specs:

PLATFORMS
  ruby

DEPENDENCIES
  fu-fu!
